GEM
  remote: https://www.rubygems.org/
  specs:
    colorize (0.8.1)
    diff-lcs (1.4.4)
    double_decker (0.1.4)
      redis
    gherkin-ruby (0.3.2)
    json (2.5.1)
    redis (4.2.5)
    rspec (3.10.0)
      rspec-core (~> 3.10.0)
      rspec-expectations (~> 3.10.0)
      rspec-mocks (~> 3.10.0)
    rspec-core (3.10.1)
      rspec-support (~> 3.10.0)
    rspec-expectations (3.10.1)
      diff-lcs (>= 1.2.0, < 2.0)
      rspec-support (~> 3.10.0)
    rspec-mocks (3.10.2)
      diff-lcs (>= 1.2.0, < 2.0)
      rspec-support (~> 3.10.0)
    rspec-support (3.10.2)
    spinach (0.11.0)
      colorize
      gherkin-ruby (>= 0.3.2)
      json

PLATFORMS
  x86_64-linux

DEPENDENCIES
  double_decker
  rspec
  spinach

BUNDLED WITH
   2.2.11
